GIT
  remote: git://github.com/amatsuda/i18n_generators.git
  revision: 48bd8fc767fcc2c612a45bcbec159d48590056b0
  specs:
    i18n_generators (1.2.1)
      mechanize
      rails (>= 3.0.0)

GIT
  remote: git://github.com/kristianmandrup/chosen-rails.git
  revision: 047a79d8b9ec7f3a255c9a52b0bef69131deb677
  specs:
    chosen-rails (0.1.0)

GIT
  remote: git://github.com/sferik/rails_admin.git
  revision: fe4a4da2a3261107d151f52e20e7b3732a1307c9
  specs:
    rails_admin (0.1.2)
      bootstrap-sass (~> 2.1)
      builder (~> 3.0)
      coffee-rails (~> 3.1)
      font-awesome-sass-rails (~> 2.0)
      haml (~> 3.1)
      jquery-rails (~> 2.1)
      jquery-ui-rails (~> 2.0)
      kaminari (~> 0.14)
      nested_form (~> 0.2.3)
      rack-pjax (~> 0.6)
      rails (~> 3.1)
      remotipart (~> 1.0)
      sass-rails (~> 3.1)

GIT
  remote: git@github.com:james2m/authlogic.git
  revision: d1fdc90351697fc892b16baaf0ea381a9ca17e62
  branch: fix-migrations
  specs:
    authlogic (3.1.3)
      activerecord (>= 3.0.0)
      activesupport (>= 3.0.0)

GEM
  remote: https://rubygems.org/
  specs:
    actionmailer (3.2.6)
      actionpack (= 3.2.6)
      mail (~> 2.4.4)
    actionpack (3.2.6)
      activemodel (= 3.2.6)
      activesupport (= 3.2.6)
      builder (~> 3.0.0)
      erubis (~> 2.7.0)
      journey (~> 1.0.1)
      rack (~> 1.4.0)
      rack-cache (~> 1.2)
      rack-test (~> 0.6.1)
      sprockets (~> 2.1.3)
    active_enum (0.9.12)
      activesupport (~> 3.0)
    activemodel (3.2.6)
      activesupport (= 3.2.6)
      builder (~> 3.0.0)
    activerecord (3.2.6)
      activemodel (= 3.2.6)
      activesupport (= 3.2.6)
      arel (~> 3.0.2)
      tzinfo (~> 0.3.29)
    activeresource (3.2.6)
      activemodel (= 3.2.6)
      activesupport (= 3.2.6)
    activesupport (3.2.6)
      i18n (~> 0.6)
      multi_json (~> 1.0)
    addressable (2.3.2)
    arel (3.0.2)
    bootstrap-sass (2.1.1.0)
    bootstrap-wysihtml5-rails (0.3.1.13)
      railties (>= 3.0)
    builder (3.0.4)
    cancan (1.6.8)
    capistrano (2.13.5)
      highline
      net-scp (>= 1.0.0)
      net-sftp (>= 2.0.0)
      net-ssh (>= 2.0.14)
      net-ssh-gateway (>= 1.1.0)
    carrierwave (0.7.0)
      activemodel (>= 3.2.0)
      activesupport (>= 3.2.0)
    client_side_validations (3.2.1)
    client_side_validations-simple_form (2.0.0)
      client_side_validations (~> 3.2.0)
      simple_form (~> 2.0.3)
    coderay (1.0.8)
    coffee-rails (3.2.2)
      coffee-script (>= 2.2.0)
      railties (~> 3.2.0)
    coffee-script (2.2.0)
      coffee-script-source
      execjs
    coffee-script-source (1.4.0)
    country_select (1.0.1)
    domain_name (0.5.4)
      unf (~> 0.0.3)
    em-websocket (0.3.8)
      addressable (>= 2.1.1)
      eventmachine (>= 0.12.9)
    erubis (2.7.0)
    eventmachine (1.0.0)
    execjs (1.4.0)
      multi_json (~> 1.0)
    fastercsv (1.5.5)
    font-awesome-sass-rails (2.0.0.0)
      railties (>= 3.1.1)
      sass-rails (>= 3.1.1)
    forgery (0.5.0)
    gmaps4rails (1.5.6)
    google-analytics-rails (0.0.3)
    guard (1.5.3)
      listen (>= 0.4.2)
      lumberjack (>= 1.0.2)
      pry (>= 0.9.10)
      thor (>= 0.14.6)
    guard-livereload (1.1.0)
      em-websocket (>= 0.2.0)
      guard (>= 1.5.0)
      multi_json (~> 1.0)
    guard-pow (1.0.0)
      guard (>= 1.1)
    haml (3.1.7)
    haml-rails (0.3.5)
      actionpack (>= 3.1, < 4.1)
      activesupport (>= 3.1, < 4.1)
      haml (~> 3.1)
      railties (>= 3.1, < 4.1)
    highline (1.6.15)
    hike (1.2.1)
    i18n (0.6.1)
    journey (1.0.4)
    jquery-rails (2.1.3)
      railties (>= 3.1.0, < 5.0)
      thor (~> 0.14)
    jquery-ui-rails (2.0.2)
      jquery-rails
      railties (>= 3.1.0)
    json (1.7.5)
    kaminari (0.14.1)
      actionpack (>= 3.0.0)
      activesupport (>= 3.0.0)
    libv8 (3.3.10.4)
    listen (0.5.3)
    lumberjack (1.0.2)
    mail (2.4.4)
      i18n (>= 0.4.0)
      mime-types (~> 1.16)
      treetop (~> 1.4.8)
    mechanize (2.5.1)
      domain_name (~> 0.5, >= 0.5.1)
      mime-types (~> 1.17, >= 1.17.2)
      net-http-digest_auth (~> 1.1, >= 1.1.1)
      net-http-persistent (~> 2.5, >= 2.5.2)
      nokogiri (~> 1.4)
      ntlm-http (~> 0.1, >= 0.1.1)
      webrobots (~> 0.0, >= 0.0.9)
    method_source (0.8.1)
    mime-types (1.19)
    multi_json (1.3.7)
    mysql2 (0.3.11)
    nested_form (0.2.3)
    net-http-digest_auth (1.2.1)
    net-http-persistent (2.8)
    net-scp (1.0.4)
      net-ssh (>= 1.99.1)
    net-sftp (2.0.5)
      net-ssh (>= 2.0.9)
    net-ssh (2.6.1)
    net-ssh-gateway (1.1.0)
      net-ssh (>= 1.99.1)
    newrelic_rpm (3.5.0.1)
    nokogiri (1.5.5)
    ntlm-http (0.1.1)
    polyglot (0.3.3)
    pony (1.4)
      mail (> 2.0)
    pry (0.9.10)
      coderay (~> 1.0.5)
      method_source (~> 0.8)
      slop (~> 3.3.1)
    quiet_assets (1.0.1)
      railties (~> 3.1)
    rack (1.4.1)
    rack-cache (1.2)
      rack (>= 0.4)
    rack-livereload (0.3.8)
      rack
    rack-pjax (0.6.0)
      nokogiri (~> 1.5)
      rack (~> 1.3)
    rack-ssl (1.3.2)
      rack
    rack-test (0.6.2)
      rack (>= 1.0)
    rails (3.2.6)
      actionmailer (= 3.2.6)
      actionpack (= 3.2.6)
      activerecord (= 3.2.6)
      activeresource (= 3.2.6)
      activesupport (= 3.2.6)
      bundler (~> 1.0)
      railties (= 3.2.6)
    rails-i18n (0.7.0)
      i18n (~> 0.5)
    railties (3.2.6)
      actionpack (= 3.2.6)
      activesupport (= 3.2.6)
      rack-ssl (~> 1.3.2)
      rake (>= 0.8.7)
      rdoc (~> 3.4)
      thor (>= 0.14.6, < 2.0)
    rake (0.9.2.2)
    rb-fsevent (0.9.2)
    rdoc (3.12)
      json (~> 1.4)
    remotipart (1.0.2)
    rmagick (2.13.1)
    rvm-capistrano (1.2.7)
      capistrano (>= 2.0.0)
    sass (3.2.2)
    sass-rails (3.2.5)
      railties (~> 3.2.0)
      sass (>= 3.1.10)
      tilt (~> 1.3)
    simple_form (2.0.4)
      actionpack (~> 3.0)
      activemodel (~> 3.0)
    simple_form_fancy_uploads (0.0.2)
      carrierwave
      rails (~> 3.2.1)
      simple_form (~> 2.0.1)
    slop (3.3.3)
    sprockets (2.1.3)
      hike (~> 1.2)
      rack (~> 1.0)
      tilt (~> 1.1, != 1.3.0)
    sqlite3 (1.3.6)
    therubyracer (0.10.2)
      libv8 (~> 3.3.10)
    thor (0.16.0)
    tilt (1.3.3)
    treetop (1.4.12)
      polyglot
      polyglot (>= 0.3.1)
    tzinfo (0.3.35)
    uglifier (1.3.0)
      execjs (>= 0.3.0)
      multi_json (~> 1.0, >= 1.0.2)
    unf (0.0.5)
      unf_ext
    unf_ext (0.0.5)
    webrobots (0.0.13)

PLATFORMS
  ruby

DEPENDENCIES
  active_enum
  authlogic!
  bootstrap-sass
  bootstrap-wysihtml5-rails
  cancan
  capistrano
  carrierwave
  chosen-rails!
  client_side_validations
  client_side_validations-simple_form
  coffee-rails (~> 3.2.1)
  country_select
  fastercsv
  forgery (= 0.5.0)
  gmaps4rails
  google-analytics-rails
  guard
  guard-livereload
  guard-pow
  haml-rails
  i18n
  i18n_generators!
  jquery-rails (>= 1.0.12)
  jquery-ui-rails
  mysql2
  newrelic_rpm
  pony
  quiet_assets
  rack-livereload
  rack-test
  rails (= 3.2.6)
  rails-i18n
  rails_admin!
  rb-fsevent
  rmagick
  rvm-capistrano
  sass-rails (~> 3.2.3)
  simple_form
  simple_form_fancy_uploads
  sqlite3
  therubyracer
  uglifier (>= 1.0.3)
